GEM
  remote: https://rubygems.org/
  specs:
    bigdecimal (3.1.5)
    minitest (5.20.0)
    oj (3.16.3)
      bigdecimal (>= 3.0)

PLATFORMS
  ruby

DEPENDENCIES
  minitest
  oj

BUNDLED WITH
   2.3.7
